PATH
  remote: .
  specs:
    ruby-semaphore (1.0.0)
      faraday (~> 2.7.12)

GEM
  remote: https://rubygems.org/
  specs:
    base64 (0.2.0)
    faraday (2.7.12)
      base64
      faraday-net_http (>= 2.0, < 3.1)
      ruby2_keywords (>= 0.0.4)
    faraday-net_http (3.0.2)
    ruby2_keywords (0.0.5)

PLATFORMS
  arm64-darwin-22

DEPENDENCIES
  ruby-semaphore!

BUNDLED WITH
   2.4.15
